PATH
  remote: .
  specs:
    neo4j_bolt (0.1.12)
      gli

GEM
  remote: https://rubygems.org/
  specs:
    diff-lcs (1.5.0)
    gli (2.21.0)
    rake (12.3.3)
    rspec (3.11.0)
      rspec-core (~> 3.11.0)
      rspec-expectations (~> 3.11.0)
      rspec-mocks (~> 3.11.0)
    rspec-core (3.11.0)
      rspec-support (~> 3.11.0)
    rspec-expectations (3.11.1)
      diff-lcs (>= 1.2.0, < 2.0)
      rspec-support (~> 3.11.0)
    rspec-mocks (3.11.2)
      diff-lcs (>= 1.2.0, < 2.0)
      rspec-support (~> 3.11.0)
    rspec-support (3.11.1)

PLATFORMS
  ruby

DEPENDENCIES
  gli
  neo4j_bolt!
  rake (~> 12.0)
  rspec (~> 3.0)

BUNDLED WITH
   2.1.4
